GEM
  remote: https://www.rubygems.org/
  specs:
    appium_lib (9.1.3)
      awesome_print (~> 1.6)
      json (>= 1.8)
      nokogiri (~> 1.6, >= 1.6.6)
      selenium-webdriver (~> 3.0, >= 3.0.4)
      tomlrb (~> 1.1)
    ast (2.3.0)
    awesome_print (1.7.0)
    builder (3.2.3)
    childprocess (0.7.0)
      ffi (~> 1.0, >= 1.0.11)
    chronic_duration (0.10.6)
      numerizer (~> 0.1.1)
    cucumber (1.3.20)
      builder (>= 2.1.2)
      diff-lcs (>= 1.1.3)
      gherkin (~> 2.12)
      multi_json (>= 1.7.5, < 2.0)
      multi_test (>= 0.1.2)
    diff-lcs (1.3)
    ffi (1.9.18)
    gherkin (2.12.2)
      multi_json (~> 1.3)
    json (1.8.6)
    mime-types (1.25.1)
    mini_portile2 (2.1.0)
    multi_json (1.12.1)
    multi_test (0.1.2)
    nokogiri (1.7.2)
      mini_portile2 (~> 2.1.0)
    numerizer (0.1.1)
    parser (2.4.0.0)
      ast (~> 2.2)
    powerpack (0.1.1)
    rainbow (2.2.2)
      rake
    rake (12.0.0)
    rest-client (1.6.9)
      mime-types (~> 1.16)
    rspec (2.14.1)
      rspec-core (~> 2.14.0)
      rspec-expectations (~> 2.14.0)
      rspec-mocks (~> 2.14.0)
    rspec-core (2.14.8)
    rspec-expectations (2.14.5)
      diff-lcs (>= 1.1.3, < 2.0)
    rspec-mocks (2.14.6)
    rubocop (0.48.1)
      parser (>= 2.3.3.1, < 3.0)
      powerpack (~> 0.1)
      rainbow (>= 1.99.1, < 3.0)
      ruby-progressbar (~> 1.7)
      unicode-display_width (~> 1.0, >= 1.0.1)
    ruby-progressbar (1.8.1)
    rubyzip (1.2.1)
    sauce_whisk (0.0.13)
      json (~> 1.8.1)
      rest-client (~> 1.6.7)
    selenium-webdriver (3.4.0)
      childprocess (~> 0.5)
      rubyzip (~> 1.0)
      websocket (~> 1.0)
    spec (5.3.4)
      chronic_duration (~> 0.10.2)
    test-unit (2.5.5)
    tomlrb (1.2.4)
    unicode-display_width (1.2.1)
    websocket (1.2.4)

PLATFORMS
  ruby

DEPENDENCIES
  appium_lib (~> 9.1.3)
  cucumber (~> 1.3.15)
  rest-client (~> 1.6.7)
  rspec (~> 2.14.1)
  rspec-expectations (~> 2.14.5)
  rubocop
  sauce_whisk (~> 0.0.13)
  spec (~> 5.3.4)
  test-unit (~> 2.5.5)

BUNDLED WITH
   1.15.0
